PATH
  remote: .
  specs:
    svmlightcli (0.1.3)

GEM
  remote: https://rubygems.org/
  specs:
    rake (10.5.0)
    rake-compiler (1.0.4)
      rake

PLATFORMS
  ruby

DEPENDENCIES
  bundler (~> 1.14)
  rake (~> 10.0)
  rake-compiler
  svmlightcli!

BUNDLED WITH
   1.15.1
